GEM
  remote: https://rubygems.org/
  specs:
    actionmailer (3.2.13)
      actionpack (= 3.2.13)
      mail (~> 2.5.3)
    actionpack (3.2.13)
      activemodel (= 3.2.13)
      activesupport (= 3.2.13)
      builder (~> 3.0.0)
      erubis (~> 2.7.0)
      journey (~> 1.0.4)
      rack (~> 1.4.5)
      rack-cache (~> 1.2)
      rack-test (~> 0.6.1)
      sprockets (~> 2.2.1)
    activemodel (3.2.13)
      activesupport (= 3.2.13)
      builder (~> 3.0.0)
    activerecord (3.2.13)
      activemodel (= 3.2.13)
      activesupport (= 3.2.13)
      arel (~> 3.0.2)
      tzinfo (~> 0.3.29)
    activeresource (3.2.13)
      activemodel (= 3.2.13)
      activesupport (= 3.2.13)
    activesupport (3.2.13)
      i18n (= 0.6.1)
      multi_json (~> 1.0)
    addressable (2.3.3)
    arel (3.0.2)
    attr_required (0.0.5)
    awesome_print (1.1.0)
    bcrypt-ruby (3.0.1)
    bootstrap-sass (2.3.1.0)
      sass (~> 3.2)
    builder (3.0.4)
    cancan (1.6.9)
    capistrano (2.14.2)
      highline
      net-scp (>= 1.0.0)
      net-sftp (>= 2.0.0)
      net-ssh (>= 2.0.14)
      net-ssh-gateway (>= 1.1.0)
    capybara (2.1.0)
      mime-types (>= 1.16)
      nokogiri (>= 1.3.3)
      rack (>= 1.0.0)
      rack-test (>= 0.5.4)
      xpath (~> 2.0)
    carrierwave (0.8.0)
      activemodel (>= 3.2.0)
      activesupport (>= 3.2.0)
    childprocess (0.3.9)
      ffi (~> 1.0, >= 1.0.11)
    chunky_png (1.2.8)
    coderay (1.0.9)
    coffee-rails (3.2.2)
      coffee-script (>= 2.2.0)
      railties (~> 3.2.0)
    coffee-script (2.2.0)
      coffee-script-source
      execjs
    coffee-script-source (1.6.2)
    compass (0.12.2)
      chunky_png (~> 1.2)
      fssm (>= 0.2.7)
      sass (~> 3.1)
    compass-rails (1.0.3)
      compass (>= 0.12.2, < 0.14)
    daemons (1.1.9)
    database_cleaner (0.9.1)
    devise (2.1.3)
      bcrypt-ruby (~> 3.0)
      orm_adapter (~> 0.1)
      railties (~> 3.1)
      warden (~> 1.2.1)
    diff-lcs (1.2.3)
    erubis (2.7.0)
    eventmachine (1.0.3)
    excon (0.13.4)
    execjs (1.4.0)
      multi_json (~> 1.0)
    faraday (0.8.7)
      multipart-post (~> 1.1)
    ffaker (1.15.0)
    ffi (1.7.0)
    fog (1.3.1)
      builder
      excon (~> 0.13.0)
      formatador (~> 0.2.0)
      mime-types
      multi_json (~> 1.0)
      net-scp (~> 1.0.4)
      net-ssh (>= 2.1.3)
      nokogiri (~> 1.5.0)
      ruby-hmac
    font-awesome-sass-rails (3.0.2.2)
      railties (>= 3.1.1)
      sass-rails (>= 3.1.1)
    foreigner (1.4.1)
      activerecord (>= 3.0.0)
    formatador (0.2.4)
    fssm (0.2.10)
    haml (4.0.2)
      tilt
    has_scope (0.5.1)
    hashie (2.0.3)
    highline (1.6.16)
    hike (1.2.2)
    httpauth (0.2.0)
    i18n (0.6.1)
    inherited_resources (1.4.0)
      has_scope (~> 0.5.0)
      responders (~> 0.9)
    initjs (1.0.0)
      jquery-rails
      rails (>= 3.1)
    jasmine (1.3.2)
      jasmine-core (~> 1.3.1)
      rack (~> 1.0)
      rspec (>= 1.3.1)
      selenium-webdriver (>= 0.1.3)
    jasmine-core (1.3.1)
    journey (1.0.4)
    jquery-rails (2.2.1)
      railties (>= 3.0, < 5.0)
      thor (>= 0.14, < 2.0)
    jquery-ui-rails (3.0.1)
      jquery-rails
      railties (>= 3.1.0)
    json (1.7.7)
    jwt (0.1.8)
      multi_json (>= 1.5)
    kaminari (0.14.1)
      actionpack (>= 3.0.0)
      activesupport (>= 3.0.0)
    launchy (2.2.0)
      addressable (~> 2.3)
    libv8 (3.11.8.17)
    machinist (2.0)
    mail (2.5.3)
      i18n (>= 0.4.0)
      mime-types (~> 1.16)
      treetop (~> 1.4.8)
    method_source (0.8.1)
    mime-types (1.22)
    multi_json (1.7.2)
    multipart-post (1.2.0)
    nested_form (0.3.2)
    net-scp (1.0.4)
      net-ssh (>= 1.99.1)
    net-sftp (2.1.1)
      net-ssh (>= 2.6.5)
    net-ssh (2.6.7)
    net-ssh-gateway (1.2.0)
      net-ssh (>= 2.6.5)
    nokogiri (1.5.9)
    oauth (0.4.7)
    oauth2 (0.8.1)
      faraday (~> 0.8)
      httpauth (~> 0.1)
      jwt (~> 0.1.4)
      multi_json (~> 1.0)
      rack (~> 1.2)
    omniauth (1.1.4)
      hashie (>= 1.2, < 3)
      rack
    omniauth-facebook (1.2.0)
      omniauth-oauth2 (~> 1.0.0)
    omniauth-oauth (1.0.1)
      oauth
      omniauth (~> 1.0)
    omniauth-oauth2 (1.0.3)
      oauth2 (~> 0.8.0)
      omniauth (~> 1.0)
    omniauth-twitter (0.0.16)
      multi_json (~> 1.3)
      omniauth-oauth (~> 1.0)
    orm_adapter (0.4.0)
    paypal-express (0.5.3)
      activesupport (>= 2.3)
      attr_required (>= 0.0.5)
      i18n
      restclient_with_cert
    pg (0.15.1)
    polyglot (0.3.3)
    pry (0.9.12)
      coderay (~> 1.0.5)
      method_source (~> 0.8)
      slop (~> 3.4)
    rack (1.4.5)
    rack-cache (1.2)
      rack (>= 0.4)
    rack-google-analytics (0.11.0)
    rack-pjax (0.7.0)
      nokogiri (~> 1.5)
      rack (~> 1.3)
    rack-ssl (1.3.3)
      rack
    rack-test (0.6.2)
      rack (>= 1.0)
    rails (3.2.13)
      actionmailer (= 3.2.13)
      actionpack (= 3.2.13)
      activerecord (= 3.2.13)
      activeresource (= 3.2.13)
      activesupport (= 3.2.13)
      bundler (~> 1.0)
      railties (= 3.2.13)
    rails-i18n (0.7.3)
      i18n (~> 0.5)
    rails-settings-cached (0.2.4)
      rails (>= 3.0.0)
    rails_admin (0.4.6)
      bootstrap-sass (~> 2.2)
      builder (~> 3.0)
      coffee-rails (~> 3.1)
      font-awesome-sass-rails (~> 3.0, >= 3.0.0.1)
      haml (~> 4.0)
      jquery-rails (~> 2.1)
      jquery-ui-rails (~> 3.0)
      kaminari (~> 0.14)
      nested_form (~> 0.3)
      rack-pjax (~> 0.6)
      rails (~> 3.1)
      remotipart (~> 1.0)
      safe_yaml (~> 0.6)
      sass-rails (~> 3.1)
    railties (3.2.13)
      actionpack (= 3.2.13)
      activesupport (= 3.2.13)
      rack-ssl (~> 1.3.2)
      rake (>= 0.8.7)
      rdoc (~> 3.4)
      thor (>= 0.14.6, < 2.0)
    rake (10.0.4)
    rdoc (3.12.2)
      json (~> 1.4)
    ref (1.0.4)
    remotipart (1.0.5)
    responders (0.9.3)
      railties (~> 3.1)
    rest-client (1.6.7)
      mime-types (>= 1.16)
    restclient_with_cert (0.0.8)
      rest-client (>= 1.6)
    rmagick (2.13.2)
    rspec (2.13.0)
      rspec-core (~> 2.13.0)
      rspec-expectations (~> 2.13.0)
      rspec-mocks (~> 2.13.0)
    rspec-core (2.13.1)
    rspec-expectations (2.13.0)
      diff-lcs (>= 1.1.3, < 2.0)
    rspec-mocks (2.13.1)
    rspec-rails (2.13.0)
      actionpack (>= 3.0)
      activesupport (>= 3.0)
      railties (>= 3.0)
      rspec-core (~> 2.13.0)
      rspec-expectations (~> 2.13.0)
      rspec-mocks (~> 2.13.0)
    ruby-hmac (0.4.0)
    rubyzip (0.9.9)
    safe_yaml (0.9.0)
    sass (3.2.7)
    sass-rails (3.2.6)
      railties (~> 3.2.0)
      sass (>= 3.1.10)
      tilt (~> 1.3)
    selenium-webdriver (2.32.1)
      childprocess (>= 0.2.5)
      multi_json (~> 1.0)
      rubyzip
      websocket (~> 1.0.4)
    shoulda-matchers (2.0.0)
      activesupport (>= 3.0.0)
    simple_form (2.1.0)
      actionpack (~> 3.0)
      activemodel (~> 3.0)
    slim (1.3.8)
      temple (~> 0.6.3)
      tilt (~> 1.3.3)
    slim-rails (1.1.1)
      actionpack (>= 3.0, < 4.1)
      activesupport (>= 3.0, < 4.1)
      railties (>= 3.0, < 4.1)
      slim (~> 1.3)
    slop (3.4.4)
    sprockets (2.2.2)
      hike (~> 1.2)
      multi_json (~> 1.0)
      rack (~> 1.0)
      tilt (~> 1.1, != 1.3.0)
    temple (0.6.3)
    therubyracer (0.11.4)
      libv8 (~> 3.11.8.12)
      ref
    thin (1.5.1)
      daemons (>= 1.0.9)
      eventmachine (>= 0.12.6)
      rack (>= 1.0.0)
    thor (0.18.1)
    tilt (1.3.7)
    treetop (1.4.12)
      polyglot
      polyglot (>= 0.3.1)
    tzinfo (0.3.37)
    uglifier (2.0.1)
      execjs (>= 0.3.0)
      multi_json (~> 1.0, >= 1.0.2)
    warden (1.2.1)
      rack (>= 1.0)
    websocket (1.0.7)
    xpath (2.0.0)
      nokogiri (~> 1.3)
    zeus (0.13.3)
      method_source (>= 0.6.7)

PLATFORMS
  ruby

DEPENDENCIES
  awesome_print
  bootstrap-sass
  cancan
  capistrano
  capybara
  carrierwave
  coffee-rails (~> 3.2.2)
  compass-rails (~> 1.0.3)
  database_cleaner
  devise (~> 2.1.2)
  execjs
  ffaker
  fog (~> 1.3.1)
  foreigner
  inherited_resources
  initjs
  jasmine
  jquery-rails
  launchy
  machinist (>= 2.0)
  omniauth (~> 1.1.0)
  omniauth-facebook (~> 1.2.0)
  omniauth-twitter (~> 0.0.12)
  paypal-express
  pg
  pry
  rack-google-analytics
  rails (= 3.2.13)
  rails-i18n
  rails-settings-cached
  rails_admin
  rmagick
  rspec-rails (>= 2.11.0)
  sass-rails (~> 3.2.5)
  shoulda-matchers
  simple_form
  slim
  slim-rails
  therubyracer
  thin
  uglifier (>= 1.0.3)
  zeus
